GEM
  remote: https://rubygems.org/
  specs:
    awesome_print (1.8.0)
    mustermann (1.0.2)
    rack (2.0.5)
    rack-protection (2.0.3)
      rack
    sinatra (2.0.3)
      mustermann (~> 1.0)
      rack (~> 2.0)
      rack-protection (= 2.0.3)
      tilt (~> 2.0)
    tilt (2.0.8)

PLATFORMS
  ruby

DEPENDENCIES
  awesome_print
  sinatra

RUBY VERSION
   ruby 2.3.4p301

BUNDLED WITH
   1.15.4
